GEM
  remote: https://rubygems.org/
  specs:
    gosu (0.10.5)
    minitest (5.8.4)

PLATFORMS
  ruby

DEPENDENCIES
  gosu
  minitest

BUNDLED WITH
   1.11.2
